PATH
  remote: .
  specs:
    red-black-tree (0.1.5)

GEM
  remote: https://rubygems.org/
  specs:
    benchmark-ips (2.14.0)
    debug (1.9.2)
      irb (~> 1.10)
      reline (>= 0.3.8)
    io-console (0.7.2)
    irb (1.14.0)
      rdoc (>= 4.0.0)
      reline (>= 0.4.2)
    minitest (5.24.1)
    psych (5.1.2)
      stringio
    rake (13.2.1)
    rdoc (6.7.0)
      psych (>= 4.0.0)
    reline (0.5.9)
      io-console (~> 0.5)
    stringio (3.1.1)
    yard (0.9.36)

PLATFORMS
  arm64-darwin-24
  ruby

DEPENDENCIES
  benchmark-ips
  debug (~> 1.9)
  minitest (~> 5.16)
  rake (~> 13.0)
  red-black-tree!
  yard (~> 0.9)

BUNDLED WITH
   2.5.15
